GEM
  remote: http://rubygems.org/
  specs:
    diff-lcs (1.2.4)
    excel_to_code (0.1.19)
      ffi (>= 1.0.11)
      nokogiri (>= 1.5.0)
      rspec (>= 2.7.0)
      rubypeg
    ffi (1.9.0)
    mini_portile (0.5.1)
    minitest (5.0.6)
    nokogiri (1.6.0)
      mini_portile (~> 0.5.0)
    rake (10.1.0)
    rspec (2.14.1)
      rspec-core (~> 2.14.0)
      rspec-expectations (~> 2.14.0)
      rspec-mocks (~> 2.14.0)
    rspec-core (2.14.4)
    rspec-expectations (2.14.0)
      diff-lcs (>= 1.1.3, < 2.0)
    rspec-mocks (2.14.2)
    rubypeg (0.0.4)
      rubyscriptwriter
    rubyscriptwriter (0.0.2)

PLATFORMS
  ruby

DEPENDENCIES
  excel_to_code (= 0.1.19)
  ffi
  minitest
  rake
