GIT
  remote: ~/Documents/github/excel_to_code
  revision: 27ea241846bbe2cef39451d6c3a281f8cf64229f
  branch: master
  specs:
    excel_to_code (0.1.10)
      ffi (>= 1.0.11)
      nokogiri (>= 1.5.0)
      rspec (>= 2.7.0)
      rubypeg

GEM
  remote: http://rubygems.org/
  specs:
    diff-lcs (1.2.4)
    ffi (1.9.0)
    mini_portile (0.5.0)
    minitest (5.0.5)
    nokogiri (1.6.0)
      mini_portile (~> 0.5.0)
    rake (10.1.0)
    rspec (2.13.0)
      rspec-core (~> 2.13.0)
      rspec-expectations (~> 2.13.0)
      rspec-mocks (~> 2.13.0)
    rspec-core (2.13.1)
    rspec-expectations (2.13.0)
      diff-lcs (>= 1.1.3, < 2.0)
    rspec-mocks (2.13.1)
    rubypeg (0.0.4)
      rubyscriptwriter
    rubyscriptwriter (0.0.2)

PLATFORMS
  ruby

DEPENDENCIES
  excel_to_code!
  ffi
  minitest
  rake
